PATH
  remote: .
  specs:
    active_merchant_ceca (0.0.1)
      activemerchant (>= 1.9.4)

GEM
  remote: http://rubygems.org/
  specs:
    actionpack (2.3.8)
      activesupport (= 2.3.8)
      rack (~> 1.1.0)
    activemerchant (1.9.4)
      activesupport (>= 2.3.8)
      braintree (>= 2.0.0)
      builder (>= 2.0.0)
    activesupport (2.3.8)
    braintree (2.10.1)
      builder (>= 2.0.0)
    builder (3.0.0)
    i18n (0.6.0)
    money (3.5.5)
      i18n (~> 0.4)
    rack (1.1.2)
    rspec (1.3.1)
    rspec-rails (1.3.3)

PLATFORMS
  ruby

DEPENDENCIES
  actionpack (>= 2.3.8)
  active_merchant_ceca!
  activemerchant (>= 1.9.4)
  money (~> 3.5.4)
  rspec (~> 1.3.1)
  rspec-rails (~> 1.3.3)
