PATH
  remote: .
  specs:
    active_merchant_ceca (0.0.1)
      activemerchant (>= 1.9.4)

GEM
  remote: http://rubygems.org/
  specs:
    actionpack (2.3.11)
      activesupport (= 2.3.11)
      rack (~> 1.1.0)
    activemerchant (1.15.0)
      activesupport (>= 2.3.8)
      braintree (>= 2.0.0)
      builder (>= 2.0.0)
    activesupport (2.3.11)
    braintree (2.10.0)
      builder
    builder (3.0.0)
    i18n (0.6.0)
    mocha (0.9.12)
    money (3.5.5)
      i18n (~> 0.4)
    rack (1.1.2)

PLATFORMS
  ruby

DEPENDENCIES
  actionpack (~> 2.3.8)
  active_merchant_ceca!
  activemerchant (>= 1.9.4)
  mocha (~> 0.9.10)
  money (~> 3.5.4)
