PATH
  remote: .
  specs:
    active_merchant_ceca (0.0.1)
      activemerchant (>= 1.9.4)

GEM
  remote: http://rubygems.org/
  specs:
    activemerchant (1.9.4)
      activesupport (>= 2.3.8)
      braintree (>= 2.0.0)
      builder (>= 2.0.0)
    activesupport (3.0.8)
    braintree (2.10.1)
      builder (>= 2.0.0)
    builder (3.0.0)
    diff-lcs (1.1.2)
    i18n (0.6.0)
    money (3.5.5)
      i18n (~> 0.4)
    rspec (2.6.0)
      rspec-core (~> 2.6.0)
      rspec-expectations (~> 2.6.0)
      rspec-mocks (~> 2.6.0)
    rspec-core (2.6.4)
    rspec-expectations (2.6.0)
      diff-lcs (~> 1.1.2)
    rspec-mocks (2.6.0)

PLATFORMS
  ruby

DEPENDENCIES
  active_merchant_ceca!
  money (~> 3.5.4)
  rspec (>= 2.6.0)
